GEM
  remote: http://rubygems.org/
  specs:
    builder (3.0.0)
    configure (0.3.0)
    cucumber (0.10.3)
      builder (>= 2.1.2)
      diff-lcs (>= 1.1.2)
      gherkin (>= 2.3.8)
      json (>= 1.4.6)
      term-ansicolor (>= 1.0.5)
    diff-lcs (1.1.2)
    gherkin (2.3.9)
      json (>= 1.4.6)
    gom (0.4.1)
      configure (>= 0.3.0)
    json (1.5.1)
    kgio (2.3.3)
    nokogiri (1.4.4)
    rack (1.2.2)
    rack-test (0.5.7)
      rack (>= 1.0)
    rake (0.9.0)
    rcov (0.9.9)
    rdoc (3.6.1)
    reek (1.2.8)
      ruby2ruby (~> 1.2)
      ruby_parser (~> 2.0)
      sexp_processor (~> 3.0)
    rspec (2.5.0)
      rspec-core (~> 2.5.0)
      rspec-expectations (~> 2.5.0)
      rspec-mocks (~> 2.5.0)
    rspec-core (2.5.1)
    rspec-expectations (2.5.0)
      diff-lcs (~> 1.1.2)
    rspec-mocks (2.5.0)
    ruby2ruby (1.2.5)
      ruby_parser (~> 2.0)
      sexp_processor (~> 3.0)
    ruby_parser (2.0.6)
      sexp_processor (~> 3.0)
    sexp_processor (3.0.5)
    sinatra (1.2.0)
      rack (~> 1.1)
      tilt (< 2.0, >= 1.2.2)
    term-ansicolor (1.0.5)
    tilt (1.2.2)
    unicorn (3.5.0)
      kgio (~> 2.3)
      rack
    webrat (0.7.3)
      nokogiri (>= 1.2.0)
      rack (>= 1.0)
      rack-test (>= 0.5.3)
    xml-simple (1.1.0)

PLATFORMS
  ruby

DEPENDENCIES
  configure (>= 0.3.0)
  cucumber (>= 0.10.3)
  gom (>= 0.4.1)
  rack-test
  rake (= 0.9.0)
  rcov
  rdoc (>= 2.4.2)
  reek
  rspec
  sinatra
  unicorn
  webrat
  xml-simple
