GEM
  remote: http://rubygems.org/
  specs:
    builder (3.0.0)
    configure (0.3.0)
    couchdb (0.1.3)
      transport (>= 1.0.1)
    cucumber (0.10.0)
      builder (>= 2.1.2)
      diff-lcs (~> 1.1.2)
      gherkin (~> 2.3.2)
      json (~> 1.4.6)
      term-ansicolor (~> 1.0.5)
    diff-lcs (1.1.2)
    gherkin (2.3.3)
      json (~> 1.4.6)
    gom (0.3.1)
    gom-couchdb-adapter (0.3.1)
      couchdb (>= 0.1.2)
      gom (>= 0.3.1)
    gom-filesystem-adapter (0.3.1)
      gom (>= 0.3.1)
    json (1.4.6)
    kgio (2.3.3)
    nokogiri (1.4.4)
    rack (1.2.2)
    rack-test (0.5.7)
      rack (>= 1.0)
    rcov (0.9.9)
    reek (1.2.8)
      ruby2ruby (~> 1.2)
      ruby_parser (~> 2.0)
      sexp_processor (~> 3.0)
    rspec (2.5.0)
      rspec-core (~> 2.5.0)
      rspec-expectations (~> 2.5.0)
      rspec-mocks (~> 2.5.0)
    rspec-core (2.5.1)
    rspec-expectations (2.5.0)
      diff-lcs (~> 1.1.2)
    rspec-mocks (2.5.0)
    ruby2ruby (1.2.5)
      ruby_parser (~> 2.0)
      sexp_processor (~> 3.0)
    ruby_parser (2.0.6)
      sexp_processor (~> 3.0)
    sexp_processor (3.0.5)
    sinatra (1.2.0)
      rack (~> 1.1)
      tilt (< 2.0, >= 1.2.2)
    term-ansicolor (1.0.5)
    tilt (1.2.2)
    transport (1.0.1)
    unicorn (3.5.0)
      kgio (~> 2.3)
      rack
    webrat (0.7.3)
      nokogiri (>= 1.2.0)
      rack (>= 1.0)
      rack-test (>= 0.5.3)

PLATFORMS
  ruby

DEPENDENCIES
  configure (>= 0.3.0)
  cucumber
  gom (>= 0.3.1)
  gom-couchdb-adapter (>= 0.3.1)
  gom-filesystem-adapter (>= 0.3.1)
  rack-test
  rcov
  reek
  rspec
  sinatra
  unicorn
  webrat
